{
    "RepetitionTime": 2.0, 
    "EchoTime": 0.043, 
    "FlipAngle": 80.0, 
    "SliceTiming": [
        0.0, 
        1.055, 
        0.105, 
        1.16, 
        0.21, 
        1.2675, 
        0.315, 
        1.3725, 
        0.4225, 
        1.4775, 
        0.5275, 
        1.5825, 
        0.6325, 
        1.69, 
        0.7375, 
        1.795, 
        0.845, 
        1.9, 
        0.95, 
        0.0, 
        1.055, 
        0.105, 
        1.16, 
        0.21, 
        1.2675, 
        0.315, 
        1.3725, 
        0.4225, 
        1.4775, 
        0.5275, 
        1.5825, 
        0.6325, 
        1.69, 
        0.7375, 
        1.795, 
        0.845, 
        1.9, 
        0.95, 
        0.0, 
        1.055, 
        0.105, 
        1.16, 
        0.21, 
        1.2675, 
        0.315, 
        1.3725, 
        0.4225, 
        1.4775, 
        0.5275, 
        1.5825, 
        0.6325, 
        1.69, 
        0.7375, 
        1.795, 
        0.845, 
        1.9, 
        0.95, 
        0.0, 
        1.055, 
        0.105, 
        1.16, 
        0.21, 
        1.2675, 
        0.315, 
        1.3725, 
        0.4225, 
        1.4775, 
        0.5275, 
        1.5825, 
        0.6325, 
        1.69, 
        0.7375, 
        1.795, 
        0.845, 
        1.9, 
        0.95
    ], 
    "MultibandAccelerationFactor": 4, 
    "PhaseEncodingDirection": "j-", 
    "TotalReadoutTime": 0.07029788543960597, 
    "Manufacturer": "SIEMENS", 
    "ManufacturersModelName": "Verio", 
    "MagneticFieldStrength": 3.0, 
    "TaskName": "training"
}